GEM
  remote: https://rubygems.org/
  specs:
    concurrent-ruby (1.0.5)
    pg (1.0.0)
    puma (3.11.2)
    rack (2.0.4)
    sequel (5.5.0)
    slim (3.0.9)
      temple (>= 0.7.6, < 0.9)
      tilt (>= 1.3.3, < 2.1)
    sprockets (3.7.1)
      concurrent-ruby (~> 1.0)
      rack (> 1, < 3)
    temple (0.8.0)
    tilt (2.0.8)

PLATFORMS
  ruby

DEPENDENCIES
  pg
  puma
  rack
  sequel
  slim
  sprockets

RUBY VERSION
   ruby 2.4.0p0

BUNDLED WITH
   1.16.0.pre.3
